PATH
  remote: .
  specs:
    brine-dsl (0.11.0)
      cucumber (= 4.0.0.rc.1)
      faraday (~> 0.12)
      faraday_middleware (~> 0.12)
      jsonpath (~> 0.8)
      mustache (~> 1.0)
      oauth2 (~> 1.4)
      rspec (~> 3.7)

GEM
  remote: http://rubygems.org/
  specs:
    backports (3.15.0)
    builder (3.2.3)
    c21e (1.1.9)
    cucumber (4.0.0.rc.1)
      builder (>= 2.1.2)
      cucumber-core (~> 4.0)
      cucumber-expressions (~> 6.0, >= 6.0.1)
      cucumber-formatter-dots (~> 1.0)
      cucumber-wire (~> 1.0)
      diff-lcs (~> 1.3)
      gherkin (~> 6.0)
      multi_json (>= 1.7.5, < 2.0)
      multi_test (>= 0.1.2)
    cucumber-core (4.0.0)
      backports (>= 3.8.0)
      cucumber-tag_expressions (~> 1.1.0)
      gherkin (~> 6.0)
    cucumber-expressions (6.6.2)
    cucumber-formatter-dots (1.1.0)
      cucumber-messages
      os
    cucumber-messages (2.1.2)
      google-protobuf (>= 3.2, <= 3.7)
    cucumber-tag_expressions (1.1.1)
    cucumber-wire (1.0.0)
      cucumber-core (~> 4.0)
      cucumber-expressions (~> 6.0)
    diff-lcs (1.3)
    faraday (0.15.4)
      multipart-post (>= 1.2, < 3)
    faraday_middleware (0.13.1)
      faraday (>= 0.7.4, < 1.0)
    gherkin (6.0.17)
      c21e (~> 1.1.9)
      cucumber-messages (~> 2.1.2)
    google-protobuf (3.7.0)
    jsonpath (0.9.9)
      multi_json
      to_regexp (~> 0.2.1)
    jwt (2.2.1)
    multi_json (1.13.1)
    multi_test (0.1.2)
    multi_xml (0.6.0)
    multipart-post (2.1.1)
    mustache (1.1.0)
    oauth2 (1.4.1)
      faraday (>= 0.8, < 0.16.0)
      jwt (>= 1.0, < 3.0)
      multi_json (~> 1.3)
      multi_xml (~> 0.5)
      rack (>= 1.2, < 3)
    os (1.0.1)
    rack (2.0.7)
    rake (12.3.3)
    rspec (3.8.0)
      rspec-core (~> 3.8.0)
      rspec-expectations (~> 3.8.0)
      rspec-mocks (~> 3.8.0)
    rspec-core (3.8.2)
      rspec-support (~> 3.8.0)
    rspec-expectations (3.8.4)
      diff-lcs (>= 1.2.0, < 2.0)
      rspec-support (~> 3.8.0)
    rspec-mocks (3.8.1)
      diff-lcs (>= 1.2.0, < 2.0)
      rspec-support (~> 3.8.0)
    rspec-support (3.8.2)
    to_regexp (0.2.1)

PLATFORMS
  ruby

DEPENDENCIES
  brine-dsl!
  rake (~> 12.3)!

BUNDLED WITH
   2.0.1
